NUGET
  remote: https://www.nuget.org/api/v2
  specs:
    FAKE (4.24.3)
    FSharp.Compiler.Service (3.0)
    FSharp.Core (4.0.0.1)
    FSharp.Data (2.2.5)
      Zlib.Portable (>= 1.10) - framework: portable-net40+sl50+wp80+win80
    Suave (2.0.0-alpha3)
      FSharp.Core (>= 3.1.2.5)
    Zlib.Portable (1.11) - framework: portable-net40+sl50+wp80+win80
