NUGET
  remote: https://www.nuget.org/api/v2
  specs:
    Akka (1.0.6)
      Newtonsoft.Json (>= 7.0.1)
    Akka.FSharp (1.0.6)
      Akka (>= 1.0.6)
      FsPickler (>= 1.2.21)
      FSPowerPack.Core.Community (>= 3.0.0)
      FSPowerPack.Linq.Community (>= 3.0.0)
    FAKE (4.20.0)
    FSharp.Compiler.Service (2.0.0.6)
    FSharp.Core (4.0.0.1)
    FSharp.Data (2.2.5)
      Zlib.Portable (>= 1.10.0) - framework: portable-net40+sl50+wp80+win80
    FsPickler (1.8.0)
    FSPowerPack.Core.Community (3.0.0)
    FSPowerPack.Linq.Community (3.0.0)
      FSPowerPack.Core.Community
    Newtonsoft.Json (8.0.2)
    Suave (1.1.1)
      FSharp.Core (>= 3.1.2.5)
    Zlib.Portable (1.11.0) - framework: portable-net40+sl50+wp80+win80
