NUGET
  remote: https://www.nuget.org/api/v2
  specs:
    FAKE (4.24.3)
    FSharp.Core (4.0.0.1)
    Suave (2.0.0-alpha3)
      FSharp.Core (>= 3.1.2.5)
